GEM
  remote: https://rubygems.org/
  specs:
    bson (4.3.0)
    mini_portile2 (2.4.0)
    mongo (2.6.2)
      bson (>= 4.3.0, < 5.0.0)
    nokogiri (1.9.1)
      mini_portile2 (~> 2.4.0)

PLATFORMS
  ruby

DEPENDENCIES
  mongo
  nokogiri

BUNDLED WITH
   1.17.2
